GEM
  remote: https://rubygems.org/
  specs:
    ashton (0.0.3alpha)
      gosu (~> 0.7.45)
      opengl (~> 0.8.0.pre1)
    celluloid (0.14.1)
      timers (>= 1.0.0)
    celluloid-io (0.14.1)
      celluloid (>= 0.14.1)
      nio4r (>= 0.4.5)
    chingu (0.9rc9)
      gosu (>= 0.7.45)
      gosu (>= 0.7.45)
    coderay (1.0.9)
    gameoverseer (0.0.1)
      celluloid-io
      log4r
      oj
      os
      pry
      pry-rescue
      rainbow
    gosu (0.7.47.1-x86-mingw32)
    interception (0.3)
    log4r (1.1.10)
    method_source (0.8.1)
    nio4r (0.4.6)
    ocra (1.3.1)
    oj (2.0.10)
    opengl (0.8.0.pre1-x86-mingw32)
    os (0.9.6)
    pry (0.9.12.2-x86-mingw32)
      coderay (~> 1.0.5)
      method_source (~> 0.8)
      slop (~> 3.4)
      win32console (~> 1.3)
    pry-rescue (1.1.1)
      interception (>= 0.3)
      pry
    psych (2.0.0)
    rainbow (1.1.4)
    slop (3.4.4)
    texplay (0.4.3-x86-mingw32)
      gosu (>= 0.7.25)
    timers (1.1.0)
    win32console (1.3.2-x86-mingw32)

PLATFORMS
  x86-mingw32

DEPENDENCIES
  ashton
  chingu (~> 0.9rc9)
  gameoverseer
  ocra
  psych
  texplay
